GEM
  remote: https://rubygems.org/
  specs:
    awesome_print (1.9.2)

PLATFORMS
  x86_64-darwin-21

DEPENDENCIES
  awesome_print

RUBY VERSION
   ruby 3.1.2p20

BUNDLED WITH
   2.3.22
