GEM
  remote: https://rubygems.org/
  specs:
    awesome_print (1.9.2)
    rake (13.2.1)
    sqlite3 (2.4.1-arm64-darwin)
    sqlite3 (2.4.1-x86_64-darwin)

PLATFORMS
  arm64-darwin-24
  x86_64-darwin-21

DEPENDENCIES
  awesome_print
  rake
  sqlite3

RUBY VERSION
   ruby 3.1.2p20

BUNDLED WITH
   2.3.22
